GIT
  remote: git://github.com/alindeman/no_peeping_toms.git
  revision: 83dbd4cb993ae8e78a38a0f5cad784ca58bb0dcd
  specs:
    no_peeping_toms (2.1.0)
      activerecord (>= 3.0.0)
      activesupport (>= 3.0.0)

GIT
  remote: git://github.com/collectiveidea/delayed_job.git
  revision: b30362263080425402dbf8addbc0105c6a563c2d
  specs:
    delayed_job (3.0.0.pre)
      activesupport
      daemons

GIT
  remote: git://github.com/collectiveidea/delayed_job_active_record.git
  revision: a091820c5e4b430901eacebe7e11996cd8e24fed
  specs:
    delayed_job_active_record (0.2.0)
      activerecord (> 2.1.0)
      delayed_job (= 3.0.0.pre)

GEM
  remote: http://rubygems.org/
  specs:
    POpen4 (0.1.4)
      Platform (>= 0.4.0)
      open4
    Platform (0.4.0)
    abstract (1.0.0)
    actionmailer (3.0.7)
      actionpack (= 3.0.7)
      mail (~> 2.2.15)
    actionpack (3.0.7)
      activemodel (= 3.0.7)
      activesupport (= 3.0.7)
      builder (~> 2.1.2)
      erubis (~> 2.6.6)
      i18n (~> 0.5.0)
      rack (~> 1.2.1)
      rack-mount (~> 0.6.14)
      rack-test (~> 0.5.7)
      tzinfo (~> 0.3.23)
    activemodel (3.0.7)
      activesupport (= 3.0.7)
      builder (~> 2.1.2)
      i18n (~> 0.5.0)
    activerecord (3.0.7)
      activemodel (= 3.0.7)
      activesupport (= 3.0.7)
      arel (~> 2.0.2)
      tzinfo (~> 0.3.23)
    activeresource (3.0.7)
      activemodel (= 3.0.7)
      activesupport (= 3.0.7)
    activesupport (3.0.7)
    addressable (2.2.4)
    annotate (2.4.0)
    app_constants (1.0.3)
    arel (2.0.10)
    bcrypt-ruby (2.1.4)
    builder (2.1.2)
    capybara (1.0.0)
      mime-types (>= 1.16)
      nokogiri (>= 1.3.3)
      rack (>= 1.0.0)
      rack-test (>= 0.5.4)
      selenium-webdriver (~> 0.2.0)
      xpath (~> 0.1.4)
    childprocess (0.2.2)
      ffi (~> 1.0.6)
    chunky_png (1.2.1)
    client_side_validations (3.1.0)
    compass (0.11.5)
      chunky_png (~> 1.2)
      fssm (>= 0.2.7)
      sass (~> 3.1)
    crack (0.1.8)
    cucumber (1.0.3)
      builder (>= 2.1.2)
      diff-lcs (>= 1.1.2)
      gherkin (~> 2.4.18)
      json (>= 1.4.6)
      term-ansicolor (>= 1.0.6)
    cucumber-rails (1.0.2)
      capybara (>= 1.0.0)
      cucumber (~> 1.0.0)
      nokogiri (>= 1.4.6)
    daemons (1.1.4)
    database_cleaner (0.6.7)
    date_validator (0.6.2)
      activemodel (< 3.2.0, >= 3.0.0)
    devise (1.2.1)
      bcrypt-ruby (~> 2.1.2)
      orm_adapter (~> 0.0.3)
      warden (~> 1.0.3)
    devise_invitable (0.4.2)
      devise (<= 1.4.0, >= 1.2.0)
      rails (~> 3.0.0)
    diff-lcs (1.1.3)
    em-http-request (1.0.0)
      addressable (>= 2.2.3)
      em-socksify
      eventmachine (>= 1.0.0.beta.3)
      http_parser.rb (>= 0.5.2)
    em-socksify (0.1.0)
      eventmachine
    em-synchrony (1.0.0)
      eventmachine (>= 1.0.0.beta.1)
    erubis (2.6.6)
      abstract (>= 1.0.0)
    eventmachine (1.0.0.beta.3)
    factory_girl (2.1.0)
    factory_girl_rails (1.2.0)
      factory_girl (~> 2.1.0)
      railties (>= 3.0.0)
    faraday (0.6.1)
      addressable (~> 2.2.4)
      multipart-post (~> 1.1.0)
      rack (< 2, >= 1.1.0)
    ffi (1.0.9)
    fssm (0.2.7)
    geocoder (1.0.2)
    gherkin (2.4.18)
      json (>= 1.4.6)
    haml (3.1.3)
    haml-rails (0.3.4)
      actionpack (~> 3.0)
      activesupport (~> 3.0)
      haml (~> 3.0)
      railties (~> 3.0)
    htmlentities (4.3.0)
    http_parser.rb (0.5.2)
    i18n (0.5.0)
    i18n-inflector (2.6.3)
      i18n (>= 0.4.1)
    i18n-inflector-rails (1.0.6)
      actionpack (~> 3.0)
      i18n-inflector (~> 2.6)
      railties (~> 3.0)
    jammit (0.6.3)
      yui-compressor (>= 0.9.3)
    jquery-rails (1.0.14)
      railties (~> 3.0)
      thor (~> 0.14)
    json (1.5.4)
    json_pure (1.5.4)
      spruz (~> 0.2.8)
    koala (1.1.0)
      multi_json (~> 1.0)
      multipart-post (~> 1.0)
    mail (2.2.19)
      activesupport (>= 2.3.6)
      i18n (>= 0.4.0)
      mime-types (~> 1.16)
      treetop (~> 1.4.8)
    mime-types (1.16)
    multi_json (1.0.3)
    multi_xml (0.2.2)
    multipart-post (1.1.3)
    net-ldap (0.2.2)
    nokogiri (1.4.7)
    oa-basic (0.2.6)
      oa-core (= 0.2.6)
      rest-client (~> 1.6.0)
    oa-core (0.2.6)
    oa-enterprise (0.2.6)
      addressable (= 2.2.4)
      net-ldap (~> 0.2.2)
      nokogiri (~> 1.4.2)
      oa-core (= 0.2.6)
      pyu-ruby-sasl (~> 0.0.3.1)
      rubyntlm (~> 0.1.1)
    oa-more (0.2.6)
      multi_json (~> 1.0.0)
      oa-core (= 0.2.6)
      rest-client (~> 1.6.0)
    oa-oauth (0.2.6)
      faraday (~> 0.6.1)
      multi_json (~> 1.0.0)
      multi_xml (~> 0.2.2)
      oa-core (= 0.2.6)
      oauth (~> 0.4.0)
      oauth2 (~> 0.4.1)
    oa-openid (0.2.6)
      oa-core (= 0.2.6)
      rack-openid (~> 1.3.1)
      ruby-openid-apps-discovery (~> 1.2.0)
    oauth (0.4.5)
    oauth2 (0.4.1)
      faraday (~> 0.6.1)
      multi_json (>= 0.0.5)
    omniauth (0.2.6)
      oa-basic (= 0.2.6)
      oa-core (= 0.2.6)
      oa-enterprise (= 0.2.6)
      oa-more (= 0.2.6)
      oa-oauth (= 0.2.6)
      oa-openid (= 0.2.6)
    open4 (1.1.0)
    orm_adapter (0.0.5)
    pg (0.11.0)
    polyamorous (0.5.0)
      activerecord (~> 3.0)
    polyglot (0.3.2)
    pusher (0.8.2)
      crack (~> 0.1.0)
      multi_json (~> 1.0)
      ruby-hmac (~> 0.4.0)
      signature (~> 0.1.2)
    pyu-ruby-sasl (0.0.3.3)
    rack (1.2.3)
    rack-mount (0.6.14)
      rack (>= 1.0.0)
    rack-openid (1.3.1)
      rack (>= 1.1.0)
      ruby-openid (>= 2.1.8)
    rack-test (0.5.7)
      rack (>= 1.0)
    rails (3.0.7)
      actionmailer (= 3.0.7)
      actionpack (= 3.0.7)
      activerecord (= 3.0.7)
      activeresource (= 3.0.7)
      activesupport (= 3.0.7)
      bundler (~> 1.0)
      railties (= 3.0.7)
    rails3-generators (0.17.4)
      railties (>= 3.0.0)
    railties (3.0.7)
      actionpack (= 3.0.7)
      activesupport (= 3.0.7)
      rake (>= 0.8.7)
      thor (~> 0.14.4)
    rake (0.8.7)
    rcov (0.9.10)
    render_component (3.0.4)
      railties (~> 3.0.0)
    rest-client (1.6.7)
      mime-types (>= 1.16)
    right_aws (2.1.0)
      right_http_connection (>= 1.2.5)
    right_http_connection (1.3.0)
    rspec (2.6.0)
      rspec-core (~> 2.6.0)
      rspec-expectations (~> 2.6.0)
      rspec-mocks (~> 2.6.0)
    rspec-core (2.6.4)
    rspec-expectations (2.6.0)
      diff-lcs (~> 1.1.2)
    rspec-mocks (2.6.0)
    rspec-rails (2.6.1)
      actionpack (~> 3.0)
      activesupport (~> 3.0)
      railties (~> 3.0)
      rspec (~> 2.6.0)
    ruby-hmac (0.4.0)
    ruby-openid (2.1.8)
    ruby-openid-apps-discovery (1.2.0)
      ruby-openid (>= 2.1.7)
    rubyntlm (0.1.1)
    rubyzip (0.9.4)
    sass (3.1.7)
    selenium-webdriver (0.2.2)
      childprocess (>= 0.1.9)
      ffi (>= 1.0.7)
      json_pure
      rubyzip
    signature (0.1.2)
      ruby-hmac
    simple_form (1.4.1)
    spork (0.8.4)
    spruz (0.2.13)
    squeel (0.9.0)
      activerecord (~> 3.0)
      activesupport (~> 3.0)
      polyamorous (~> 0.5.0)
    term-ansicolor (1.0.6)
    thor (0.14.6)
    treetop (1.4.10)
      polyglot
      polyglot (>= 0.3.1)
    typhoeus (0.2.4)
      mime-types
      mime-types
    tzinfo (0.3.29)
    validates_existence (0.7.0)
    warden (1.0.5)
      rack (>= 1.0)
    wordnik (4.06.08)
      activemodel (>= 3.0.3)
      addressable (>= 2.2.4)
      htmlentities (>= 4.2.4)
      json (>= 1.4.6)
      nokogiri (>= 1.4.4)
      typhoeus (>= 0.2.1)
    xpath (0.1.4)
      nokogiri (~> 1.3)
    yui-compressor (0.9.6)
      POpen4 (>= 0.1.4)

PLATFORMS
  ruby

DEPENDENCIES
  addressable (= 2.2.4)
  annotate
  app_constants
  bundler (>= 1.0.0)
  capybara
  client_side_validations
  compass
  cucumber-rails
  database_cleaner
  date_validator
  delayed_job!
  delayed_job_active_record!
  devise (~> 1.2.0)
  devise_invitable (~> 0.4.0)
  em-http-request
  em-synchrony
  factory_girl_rails
  geocoder
  haml (>= 3.0.25)
  haml-rails (>= 0.3.4)
  i18n-inflector-rails (~> 1.0)
  jammit
  jquery-rails
  json
  koala
  no_peeping_toms!
  omniauth (>= 0.2.0)
  pg
  pusher
  rails (= 3.0.7)
  rails3-generators
  rake (= 0.8.7)
  rcov
  render_component
  right_aws
  rspec (>= 2.0.1)
  rspec-rails (>= 2.0.1)
  sass
  selenium-webdriver (~> 0.2.0)
  simple_form (= 1.4.1)
  spork (= 0.8.4)
  squeel
  validates_existence (>= 0.4)
  wordnik (>= 0.3)
